PATH
  remote: .
  specs:
    memcached (2.0.0.alpha)

GEM
  remote: https://rubygems.org/
  specs:
    activesupport (4.1.11)
      i18n (~> 0.6, >= 0.6.9)
      json (~> 1.7, >= 1.7.7)
      minitest (~> 5.1)
      thread_safe (~> 0.1)
      tzinfo (~> 1.1)
    concurrent-ruby (1.1.5)
    dalli (2.7.5)
    i18n (0.9.5)
      concurrent-ruby (~> 1.0)
    json (1.8.6)
    memcache-client (1.8.5)
    metaclass (0.0.4)
    minitest (5.3.3)
    mocha (1.0.0)
      metaclass (~> 0.0.1)
    rake (0.9.2.2)
    rake-compiler (0.9.5)
      rake
    remix-stash (1.1.3)
    thread_safe (0.3.6)
    tzinfo (1.2.5)
      thread_safe (~> 0.1)

PLATFORMS
  ruby

DEPENDENCIES
  activesupport
  dalli
  memcache-client
  memcached!
  minitest
  mocha
  rake
  rake-compiler
  remix-stash (~> 1.1.3)

BUNDLED WITH
   1.10.6
