PATH
  remote: .
  specs:
    memcached (2.0.0.alpha)

GEM
  remote: https://rubygems.org/
  specs:
    activesupport (3.2.6)
      i18n (~> 0.6)
      multi_json (~> 1.0)
    concurrent-ruby (1.1.5)
    dalli (2.7.5)
    i18n (0.9.5)
      concurrent-ruby (~> 1.0)
    memcache-client (1.8.5)
    metaclass (0.0.4)
    minitest (5.3.3)
    mocha (1.0.0)
      metaclass (~> 0.0.1)
    multi_json (1.3.6)
    rake (0.9.2.2)
    rake-compiler (0.9.5)
      rake
    remix-stash (1.1.3)

PLATFORMS
  ruby

DEPENDENCIES
  activesupport
  dalli
  memcache-client
  memcached!
  minitest
  mocha
  rake
  rake-compiler
  remix-stash (~> 1.1.3)

BUNDLED WITH
   1.10.6
