PATH
  remote: .
  specs:
    memcached (2.0.0.alpha)

GEM
  remote: https://rubygems.org/
  specs:
    activesupport (6.1.3.1)
      concurrent-ruby (~> 1.0, >= 1.0.2)
      i18n (>= 1.6, < 2)
      minitest (>= 5.1)
      tzinfo (~> 2.0)
      zeitwerk (~> 2.3)
    concurrent-ruby (1.1.8)
    dalli (3.2.3)
    i18n (1.8.10)
      concurrent-ruby (~> 1.0)
    memcache-client (1.8.5)
    minitest (5.14.4)
    mocha (1.12.0)
    rake (13.0.3)
    rake-compiler (1.1.1)
      rake
    remix-stash (1.1.3)
    tzinfo (2.0.4)
      concurrent-ruby (~> 1.0)
    zeitwerk (2.4.2)

PLATFORMS
  ruby

DEPENDENCIES
  activesupport
  dalli
  memcache-client
  memcached!
  minitest
  mocha
  rake
  rake-compiler
  remix-stash (~> 1.1.3)

BUNDLED WITH
   2.1.4
